GIT
  remote: git@github.com:rack/rack.git
  revision: f3cf79d6460dc592767941806d1b2b7008f73e01
  tag: 2.1.4
  specs:
    rack (2.1.4)

GEM
  remote: https://rubygems.org/
  specs:
    ast (2.4.2)
    citrus (3.0.2)
    json (2.6.3)
    language_server-protocol (3.17.0.3)
    parallel (1.23.0)
    parser (3.2.2.3)
      ast (~> 2.4.1)
      racc
    racc (1.7.1)
    rainbow (3.1.1)
    regexp_parser (2.8.1)
    rexml (3.2.5)
    rubocop (1.53.0)
      json (~> 2.3)
      language_server-protocol (>= 3.17.0)
      parallel (~> 1.10)
      parser (>= 3.2.2.3)
      rainbow (>= 2.2.2, < 4.0)
      regexp_parser (>= 1.8, < 3.0)
      rexml (>= 3.2.5, < 4.0)
      rubocop-ast (>= 1.28.0, < 2.0)
      ruby-progressbar (~> 1.7)
      unicode-display_width (>= 2.4.0, < 3.0)
    rubocop-ast (1.29.0)
      parser (>= 3.2.1.0)
    ruby-progressbar (1.13.0)
    toml-rb (2.2.0)
      citrus (~> 3.0, > 3.0)
    unicode-display_width (2.4.2)

PLATFORMS
  ruby

DEPENDENCIES
  rack!
  rubocop (= 1.53.0)
  toml-rb (= 2.2.0)

BUNDLED WITH
   2.1.4
